GEM
  remote: https://rubygems.org/
  specs:
    rake (10.1.0)
    riml (0.3.5)
    speckle (0.1.26)
      bundler (~> 1.3)
      rake (~> 10.1.0)
      riml (~> 0.3.5)

PLATFORMS
  ruby

DEPENDENCIES
  rake (~> 10.1.0)
  riml (~> 0.3.5)
  speckle (~> 0.1.26)
