GEM
  remote: https://rubygems.org/
  specs:
    rake (10.1.0)
    riml (0.3.4)
    speckle (0.1.25)
      bundler (~> 1.3)
      rake (~> 10.1.0)
      riml (~> 0.3.4)

PLATFORMS
  ruby

DEPENDENCIES
  rake (~> 10.1.0)
  riml (~> 0.3.4)
  speckle (~> 0.1.25)
