GEM
  remote: https://rubygems.org/
  specs:
    rake (10.2.2)
    riml (0.4.0)
    speckle (0.1.31)
      bundler (~> 1.6)
      rake (~> 10.2.2)
      riml (~> 0.4.0)

PLATFORMS
  ruby

DEPENDENCIES
  rake (~> 10.2.2)
  riml (~> 0.4.0)
  speckle (~> 0.1.31)
